GEM
  remote: https://rubygems.org/
  specs:
    foreman (0.78.0)
      thor (~> 0.19.1)
    redis (3.2.1)
    thor (0.19.1)

PLATFORMS
  ruby

DEPENDENCIES
  foreman
  redis
